GEM
  remote: https://rubygems.org/
  specs:
    dotenv (3.1.7)
    mcp-rb (0.3.2)
    rexml (3.4.1)

PLATFORMS
  arm64-darwin-24
  ruby

DEPENDENCIES
  dotenv (~> 3.1)
  mcp-rb (~> 0.3)
  rexml (~> 3.4)

BUNDLED WITH
   2.6.3
